GIT
  remote: https://github.com/mrkamel/swift_client.git
  revision: 32889515c97c111c0ce2cf86970671f3c75707eb
  specs:
    swift_client (0.1.6)
      httparty
      mime-types (< 3.0)

GEM
  remote: https://rubygems.org/
  specs:
    aws-sdk (2.11.165)
      aws-sdk-resources (= 2.11.165)
    aws-sdk-core (2.11.165)
      aws-sigv4 (~> 1.0)
      jmespath (~> 1.0)
    aws-sdk-resources (2.11.165)
      aws-sdk-core (= 2.11.165)
    aws-sigv4 (1.0.3)
    dalli (2.7.9)
    hashr (2.0.1)
    httparty (0.16.2)
      multi_xml (>= 0.5.2)
    jmespath (1.4.0)
    mime-types (2.99.3)
    multi_xml (0.6.0)
    thor (0.20.0)

PLATFORMS
  ruby

DEPENDENCIES
  aws-sdk
  dalli
  hashr
  swift_client!
  thor

BUNDLED WITH
   1.17.1
